GEM
  remote: http://rubygems.org/
  specs:
    colored (1.2)
    diff-lcs (1.1.3)
    erubis (2.7.0)
    rake (10.0.4)
    rspec (2.6.0)
      rspec-core (~> 2.6.0)
      rspec-expectations (~> 2.6.0)
      rspec-mocks (~> 2.6.0)
    rspec-core (2.6.4)
    rspec-expectations (2.6.0)
      diff-lcs (~> 1.1.2)
    rspec-mocks (2.6.0)
    semver (1.0.1)
    tilt (1.3.3)

PLATFORMS
  ruby

DEPENDENCIES
  colored
  erubis
  rake
  rspec
  semver
  tilt
